PATH
  remote: .
  specs:
    ey_cli (0.1.0)
      faraday
      faraday-stack
      faraday_middleware
      hashie
      highline
      json
      multi_json
      slop

GEM
  remote: http://rubygems.org/
  specs:
    addressable (2.2.6)
    crack (0.3.1)
    diff-lcs (1.1.3)
    fakefs (0.3.2)
    faraday (0.7.4)
      addressable (~> 2.2.6)
      multipart-post (~> 1.1.0)
      rack (< 2, >= 1.1.0)
    faraday-stack (0.1.3)
      faraday (~> 0.6)
    faraday_middleware (0.7.0)
      faraday (~> 0.7.3)
    hashie (1.0.0)
    highline (1.6.2)
    json (1.6.1)
    multi_json (1.0.3)
    multipart-post (1.1.3)
    rack (1.3.3)
    rake (0.9.2)
    rspec (2.6.0)
      rspec-core (~> 2.6.0)
      rspec-expectations (~> 2.6.0)
      rspec-mocks (~> 2.6.0)
    rspec-core (2.6.4)
    rspec-expectations (2.6.0)
      diff-lcs (~> 1.1.2)
    rspec-mocks (2.6.0)
    slop (2.1.0)
    webmock (1.7.6)
      addressable (~> 2.2, > 2.2.5)
      crack (>= 0.1.7)

PLATFORMS
  ruby

DEPENDENCIES
  ey_cli!
  fakefs
  rake (~> 0.9)
  rspec
  webmock
